GEM
  remote: http://rubygems.org/
  specs:
    face (0.0.4)
      json (>= 1.4.6)
      rest-client (>= 1.6.1)
    foreman (0.19.0)
      term-ansicolor (~> 1.0.5)
      thor (>= 0.13.6)
    json (1.5.3)
    kgio (2.6.0)
    mime-types (1.16)
    rack (1.3.2)
    raindrops (0.7.0)
    rest-client (1.6.7)
      mime-types (>= 1.16)
    sinatra (1.2.6)
      rack (~> 1.1)
      tilt (< 2.0, >= 1.2.2)
    term-ansicolor (1.0.5)
    thor (0.14.6)
    tilt (1.3.3)
    unicorn (4.1.1)
      kgio (~> 2.4)
      rack
      raindrops (~> 0.6)

PLATFORMS
  ruby

DEPENDENCIES
  face
  foreman
  json
  sinatra
  unicorn
